GEM
  remote: https://rubygems.org/
  specs:
    mocha (1.13.0)
    power_assert (2.0.1)
    test-unit (3.5.3)
      power_assert

PLATFORMS
  ruby
  x86_64-darwin-19

DEPENDENCIES
  mocha
  test-unit

BUNDLED WITH
   2.3.6
